GEM
  remote: https://rubygems.org/
  specs:
    concurrent-ruby (1.0.0)
    hike (1.2.3)
    opal (0.8.1)
      hike (~> 1.2)
      sourcemap (~> 0.1.0)
      sprockets (~> 3.1)
      tilt (>= 1.4)
    opal-rspec (0.5.0)
      opal (>= 0.8.0, < 0.10)
    racc (1.4.14)
    rack (1.6.4)
    sourcemap (0.1.1)
    sprockets (3.5.1)
      concurrent-ruby (~> 1.0)
      rack (> 1, < 3)
    tilt (2.0.1)

PLATFORMS
  ruby

DEPENDENCIES
  opal
  opal-rspec
  racc
